PATH
  remote: .
  specs:
    gcoder (0.12.0)
      hashie
      ruby-hmac
      yajl-ruby

GEM
  remote: http://rubygems.org/
  specs:
    hashie (1.0.0)
    ruby-hmac (0.4.0)
    yajl-ruby (0.8.2)

PLATFORMS
  ruby

DEPENDENCIES
  gcoder!
